GEM
  remote: https://rubygems.org/
  specs:
    ansi (1.4.3)
    mini_portile (0.5.2)
    nokogiri (1.6.1)
      mini_portile (~> 0.5.0)

PLATFORMS
  ruby

DEPENDENCIES
  ansi
  nokogiri
